GEM
  remote: https://rubygems.org/
  specs:
    awesome_print (1.8.0)
    coderay (1.1.3)
    faraday (1.3.0)
      faraday-net_http (~> 1.0)
      multipart-post (>= 1.2, < 3)
      ruby2_keywords
    faraday-net_http (1.0.1)
    method_source (1.0.0)
    minitest (5.14.3)
    multipart-post (2.1.1)
    pry (0.13.1)
      coderay (~> 1.1)
      method_source (~> 1.0)
    ruby2_keywords (0.0.4)

PLATFORMS
  x86_64-darwin-19

DEPENDENCIES
  awesome_print
  faraday
  minitest
  pry

BUNDLED WITH
   2.2.6
